GEM
  remote: http://rubygems.org/
  specs:
    ffi (1.0.9)
    ffi (1.0.9-java)
    git (1.2.5)
    jeweler (1.6.2)
      bundler (~> 1.0)
      git (>= 1.2.5)
      rake
    rake (0.9.2)

PLATFORMS
  java
  ruby

DEPENDENCIES
  bundler (~> 1.0.0)
  ffi
  jeweler (~> 1.6.2)
