PATH
  remote: .
  specs:
    varnish-rb (0.0.0)
      eventmachine

GEM
  remote: http://rubygems.org/
  specs:
    eventmachine (0.12.10-java)
    git (1.2.5)
    jeweler (1.6.2)
      bundler (~> 1.0)
      git (>= 1.2.5)
      rake
    rake (0.9.2)

PLATFORMS
  java
  ruby

DEPENDENCIES
  bundler (~> 1.0.0)
  jeweler (~> 1.6.2)
  varnish-rb!
